GEM
  remote: http://rubygems.org/
  specs:
    awesome_print (0.4.0)
    bunny (0.7.8)
    callsite (0.0.4)
    chef (0.10.4)
      bunny (>= 0.6.0)
      erubis
      highline
      json (>= 1.4.4, <= 1.5.2)
      mixlib-authentication (>= 1.1.0)
      mixlib-cli (>= 1.1.0)
      mixlib-config (>= 1.1.2)
      mixlib-log (>= 1.3.0)
      moneta
      net-ssh (~> 2.1.3)
      net-ssh-multi (~> 1.1.0)
      ohai (>= 0.6.0)
      rest-client (>= 1.0.4, < 1.7.0)
      treetop (~> 1.4.9)
      uuidtools
    cloudservers (0.4.1)
      json
    erubis (2.7.0)
    highline (1.6.2)
    json (1.5.2)
    mime-types (1.16)
    mixlib-authentication (1.1.4)
      mixlib-log
    mixlib-cli (1.2.2)
    mixlib-config (1.1.2)
    mixlib-log (1.3.0)
    moneta (0.6.0)
    nephele (0.1.14)
      awesome_print
      cloudservers (~> 0.4)
      optitron
      rake
      sexp_processor (~> 3.0.5)
    net-ssh (2.1.4)
    net-ssh-gateway (1.1.0)
      net-ssh (>= 1.99.1)
    net-ssh-multi (1.1)
      net-ssh (>= 2.1.4)
      net-ssh-gateway (>= 0.99.0)
    ohai (0.6.8)
      mixlib-cli
      mixlib-config
      mixlib-log
      systemu
      yajl-ruby
    optitron (0.3.3)
      callsite (~> 0.0.4)
      parameters_extra (~> 0.2.0)
    parameters_extra (0.2.0)
      ruby2ruby (~> 1.2.4)
      ruby_parser (~> 2.0)
      sexp_processor (~> 3.0.4)
    polyglot (0.3.2)
    rake (0.8.7)
    rest-client (1.6.7)
      mime-types (>= 1.16)
    ruby2ruby (1.2.5)
      ruby_parser (~> 2.0)
      sexp_processor (~> 3.0)
    ruby_parser (2.3.1)
      sexp_processor (~> 3.0)
    sexp_processor (3.0.7)
    systemu (2.4.0)
    treetop (1.4.10)
      polyglot
      polyglot (>= 0.3.1)
    uuidtools (2.1.2)
    yajl-ruby (1.0.0)

PLATFORMS
  ruby

DEPENDENCIES
  chef (~> 0.10)
  json
  nephele
  rake (~> 0.8.7)
